GEM
  remote: http://rubygems.org/
  specs:
    curb (0.8.3)
    hashie (1.2.0)
    highline (1.6.15)
    progressbar (0.11.0)
    soda-ruby (0.2.1)
      hashie
    trollop (2.0)

PLATFORMS
  ruby

DEPENDENCIES
  curb
  highline
  progressbar
  soda-ruby
  trollop
